GEM
  remote: https://rubygems.org/
  specs:
<<<<<<< HEAD
    activesupport (5.2.4.3)
=======
    activesupport (5.2.1)
>>>>>>> 42df1f1c823060e0440809f36e78f4fa51438ebf
      concurrent-ruby (~> 1.0, >= 1.0.2)
      i18n (>= 0.7, < 2)
      minitest (~> 5.1)
      tzinfo (~> 1.1)
    coderay (1.1.2)
<<<<<<< HEAD
    concurrent-ruby (1.1.7)
    diff-lcs (1.3)
    i18n (1.8.5)
      concurrent-ruby (~> 1.0)
    method_source (0.9.2)
    minitest (5.14.2)
=======
    concurrent-ruby (1.0.5)
    diff-lcs (1.3)
    i18n (1.1.0)
      concurrent-ruby (~> 1.0)
    method_source (0.9.2)
    minitest (5.11.3)
>>>>>>> 42df1f1c823060e0440809f36e78f4fa51438ebf
    pry (0.12.2)
      coderay (~> 1.1.0)
      method_source (~> 0.9.0)
    pry-rails (0.3.9)
      pry (>= 0.10.4)
    rspec (3.1.0)
      rspec-core (~> 3.1.0)
      rspec-expectations (~> 3.1.0)
      rspec-mocks (~> 3.1.0)
    rspec-core (3.1.7)
      rspec-support (~> 3.1.0)
    rspec-expectations (3.1.2)
      diff-lcs (>= 1.2.0, < 2.0)
      rspec-support (~> 3.1.0)
    rspec-mocks (3.1.3)
      rspec-support (~> 3.1.0)
    rspec-support (3.1.2)
    sqlite3 (1.3.13)
    thread_safe (0.3.6)
<<<<<<< HEAD
    tzinfo (1.2.7)
=======
    tzinfo (1.2.5)
>>>>>>> 42df1f1c823060e0440809f36e78f4fa51438ebf
      thread_safe (~> 0.1)

PLATFORMS
  ruby

DEPENDENCIES
  activesupport
  pry-rails
  rspec (~> 3.1.0)
  sqlite3

BUNDLED WITH
   1.17.3
